GEM
  remote: http://rubygems.org/
  specs:
    coderay (1.0.0)
    daemons (1.1.4)
    eventmachine (0.12.10)
    faker (0.9.5)
      i18n (~> 0.4)
    hashie (1.2.0)
    i18n (0.6.0)
    json (1.6.1)
    method_source (0.6.5)
      ruby_parser (>= 2.0.5)
    multi_json (1.0.3)
    pry (0.9.6)
      coderay (>= 0.9.8)
      method_source (>= 0.6.5)
      ruby_parser (>= 2.0.5)
      slop (~> 2.1.0)
    rack (1.3.5)
    rack-protection (1.1.2)
      rack
    redis (2.2.2)
    ruby_parser (2.3.1)
      sexp_processor (~> 3.0)
    sexp_processor (3.0.7)
    sinatra (1.3.0)
      rack (~> 1.3)
      rack-protection (~> 1.1)
      tilt (~> 1.3)
    slop (2.1.0)
    thin (1.2.11)
      daemons (>= 1.0.9)
      eventmachine (>= 0.12.6)
      rack (>= 1.0.0)
    tilt (1.3.3)

PLATFORMS
  ruby

DEPENDENCIES
  faker
  hashie
  json
  multi_json
  pry
  redis
  sinatra
  thin
